GIT
  remote: git@github.com:nhemsley/wavefront-obj.git
  revision: 853a20898e0335d2d93e8601791f76f2d6d54511
  specs:
    wavefront-obj (1.0.2)

GEM
  remote: https://rubygems.org/
  specs:
    byebug (9.0.5)
    coderay (1.1.1)
    method_source (0.8.2)
    pry (0.10.4)
      coderay (~> 1.1.0)
      method_source (~> 0.8.1)
      slop (~> 3.4)
    pry-byebug (3.4.0)
      byebug (~> 9.0)
      pry (~> 0.10)
    slop (3.6.0)

PLATFORMS
  ruby

DEPENDENCIES
  pry
  pry-byebug
  wavefront-obj!

BUNDLED WITH
   1.12.5
